GEM
  remote: https://rubygems.org/
  specs:
    dip (7.6.0)
      thor (>= 0.20, < 2)
    thor (1.3.0)

PLATFORMS
  x86_64-darwin-23
  x86_64-linux-musl

DEPENDENCIES
  dip

BUNDLED WITH
   2.4.21
